GEM
  remote: http://rubygems.org/
  specs:
    dotenv (0.5.0)
    oauth (0.4.7)
    rack (1.5.2)
    rack-protection (1.5.0)
      rack
    shotgun (0.9)
      rack (>= 1.0)
    sinatra (1.4.1)
      rack (~> 1.5, >= 1.5.2)
      rack-protection (~> 1.4)
      tilt (~> 1.3, >= 1.3.4)
    tilt (1.3.6)

PLATFORMS
  ruby

DEPENDENCIES
  dotenv
  oauth
  shotgun
  sinatra
